GIT
  remote: https://github.com/brkane/activewarehouse-etl.git
  revision: ebd86f57ba9dc4e140d850c69949137b115bcc87
  branch: rails-4-compat
  specs:
    activewarehouse-etl (1.0.0)
      activerecord (>= 3.0.0)
      activesupport (>= 3.0.0)
      adapter_extensions (>= 0.9.5.rc1)
      fastercsv (>= 1.2.0)
      rake (>= 0.8.3)

GIT
  remote: https://github.com/brkane/adapter_extensions.git
  revision: 3ad4368d2d9cadf1fe2daee5cf91f49f7926bbb7
  branch: psql_stdin_bulk
  specs:
    adapter_extensions (1.0.0)
      activerecord (>= 3.0.0)
      activesupport (>= 3.0.0)
      rake (>= 0.8.3)

GEM
  remote: https://rubygems.org/
  specs:
    activemodel (4.0.0)
      activesupport (= 4.0.0)
      builder (~> 3.1.0)
    activerecord (4.0.0)
      activemodel (= 4.0.0)
      activerecord-deprecated_finders (~> 1.0.2)
      activesupport (= 4.0.0)
      arel (~> 4.0.0)
    activerecord-deprecated_finders (1.0.3)
    activesupport (4.0.0)
      i18n (~> 0.6, >= 0.6.4)
      minitest (~> 4.2)
      multi_json (~> 1.3)
      thread_safe (~> 0.1)
      tzinfo (~> 0.3.37)
    arel (4.0.0)
    atomic (1.1.12)
    builder (3.1.4)
    fastercsv (1.5.5)
    i18n (0.6.4)
    minitest (4.7.5)
    multi_json (1.7.8)
    pg (0.16.0)
    rake (10.1.0)
    sqlite3 (1.3.7)
    thread_safe (0.1.2)
      atomic
    tzinfo (0.3.37)

PLATFORMS
  ruby

DEPENDENCIES
  activewarehouse-etl!
  adapter_extensions!
  pg
  sqlite3
